GEM
  remote: http://gemcutter.org/
  remote: http://gemserver.qa.convioanalyticstest.net:8808/
  specs:
    activesupport (3.2.7)
      i18n (~> 0.6)
      multi_json (~> 1.0)
    addressable (2.3.2)
    american_date (1.0.0)
    builder (3.0.0)
    childprocess (0.3.4)
      ffi (~> 1.0, >= 1.0.6)
    colored (1.2)
    cucumber (1.2.1)
      builder (>= 2.1.2)
      diff-lcs (>= 1.1.3)
      gherkin (~> 2.11.0)
      json (>= 1.4.6)
    diff-lcs (1.1.3)
    ffi (1.1.3)
    gherkin (2.11.1)
      json (>= 1.4.6)
    hoe (3.0.6)
      rake (~> 0.8)
    i18n (0.6.0)
    json (1.7.4)
    libwebsocket (0.1.5)
      addressable
    logger (1.2.8)
    logrotate (1.2.1)
    macaddr (1.6.1)
      systemu (~> 2.5.0)
    mime-types (1.19)
    multi_json (1.3.6)
    nokogiri (1.5.5)
    rake (0.9.2.2)
    rest-client (1.6.7)
      mime-types (>= 1.16)
    rspec (2.11.0)
      rspec-core (~> 2.11.0)
      rspec-expectations (~> 2.11.0)
      rspec-mocks (~> 2.11.0)
    rspec-core (2.11.1)
    rspec-expectations (2.11.2)
      diff-lcs (~> 1.1.3)
    rspec-mocks (2.11.1)
    rubyzip (0.9.9)
    selenium-webdriver (2.25.0)
      childprocess (>= 0.2.5)
      libwebsocket (~> 0.1.3)
      multi_json (~> 1.0)
      rubyzip
    systemu (2.5.2)
    uuid (2.3.5)
      macaddr (~> 1.0)
    watir-webdriver (0.5.3.1)
      selenium-webdriver (>= 2.12.0)
    watirmark (3.1)
      american_date
      logger
      nokogiri
      uuid
      watir-webdriver
      watirmark-bvt
      watirmark-log
    watirmark-bvt (1.1)
      json (~> 1)
      rest-client (~> 1)
    watirmark-log (1.0.6)
      colored

PLATFORMS
  ruby

DEPENDENCIES
  activesupport
  builder
  bundler
  cucumber
  ffi
  gherkin
  hoe
  i18n
  logrotate
  rake
  rspec
  uuid
  watir (~> 2.0.4.3)
  watir-webdriver (= 0.5.3.1)
  watirmark
  win32-api
